{
    "Modality": "MR",
    "MagneticFieldStrength": 3,
    "ImagingFrequency": 123.252,
    "Manufacturer": "Siemens",
    "ManufacturersModelName": "Skyra",
    "InstitutionName": "Monash Biomedical Imaging",
    "InstitutionalDepartmentName": "Department",
    "InstitutionAddress": "Blackburn Road 770,Clayton,Victoria,AU,3800",
    "DeviceSerialNumber": "45193",
    "StationName": "AWP45193",
    "BodyPartExamined": "BRAIN",
    "PatientPosition": "HFS",
    "ProcedureStepDescription": "MR Scan",
    "SoftwareVersions": "syngo MR E11",
    "MRAcquisitionType": "2D",
    "SeriesDescription": "Rest_R-L_SMS_ep2d_dti_2.5mm_iso_mrtrix_71_dx",
    "ProtocolName": "Rest_R-L_SMS_ep2d_dti_2.5mm_iso_mrtrix_71_dx",
    "ScanningSequence": "EP",
    "SequenceVariant": "SK\\SP",
    "ScanOptions": "FS",
    "SequenceName": "*ep_b0",
    "ImageType": [
        "ORIGINAL",
        "PRIMARY",
        "DIFFUSION",
        "NONE",
        "ND",
        "NORM",
        "MOSAIC"
    ],
    "SeriesNumber": 8,
    "AcquisitionTime": "15:14:47.295000",
    "AcquisitionNumber": 1,
    "SliceThickness": 2.5,
    "SpacingBetweenSlices": 2.5,
    "SAR": 0.176028,
    "EchoTime": 0.171,
    "RepetitionTime": 5.9,
    "FlipAngle": 90,
    "PartialFourier": 1,
    "BaseResolution": 86,
    "ShimSetting": [
        -4136,
        15429,
        -15245,
        448,
        136,
        127,
        -201,
        58
    ],
    "DiffusionScheme": "Monopolar",
    "TxRefAmp": 407.727,
    "PhaseResolution": 1,
    "ReceiveCoilName": "Head_32",
    "ReceiveCoilActiveElements": "HEA;HEP",
    "PulseSequenceDetails": "%SiemensSeq%\\ep2d_diff",
    "RefLinesPE": 40,
    "ConsistencyInfo": "N4_VE11C_LATEST_20160120",
    "MultibandAccelerationFactor": 2,
    "PercentPhaseFOV": 100,
    "PercentSampling": 100,
    "EchoTrainLength": 43,
    "PhaseEncodingSteps": 86,
    "AcquisitionMatrixPE": 86,
    "ReconMatrixPE": 86,
    "BandwidthPerPixelPhaseEncode": 22.148,
    "ParallelReductionFactorInPlane": 2,
    "EffectiveEchoSpacing": 0.000525009,
    "DerivedVendorReportedEchoSpacing": 0.00105002,
    "TotalReadoutTime": 0.0446258,
    "PixelBandwidth": 1040,
    "DwellTime": 5.6e-06,
    "PhaseEncodingDirection": "i",
    "SliceTiming": [
        4.41,
        0,
        2.94,
        0.21,
        3.15,
        0.42,
        3.36,
        0.63,
        3.57,
        0.84,
        3.78,
        1.05,
        3.99,
        1.26,
        4.2,
        1.68,
        4.62,
        1.89,
        4.83,
        2.1,
        5.04,
        2.31,
        5.25,
        2.52,
        5.46,
        2.73,
        5.67,
        1.47,
        4.41,
        0,
        2.94,
        0.21,
        3.15,
        0.42,
        3.36,
        0.63,
        3.57,
        0.84,
        3.78,
        1.05,
        3.99,
        1.26,
        4.2,
        1.68,
        4.62,
        1.89,
        4.83,
        2.1,
        5.04,
        2.31,
        5.25,
        2.52,
        5.46,
        2.73,
        5.67,
        1.47
    ],
    "ImageOrientationPatientDICOM": [
        0.999991,
        -0.000342549,
        -0.00415691,
        1.205e-12,
        0.996622,
        -0.0821265
    ],
    "InPlanePhaseEncodingDirectionDICOM": "ROW",
    "ConversionSoftware": "dcm2niix",
    "ConversionSoftwareVersion": "v1.0.20210317"
}