{
    "Modality": "MR",
    "MagneticFieldStrength": 3,
    "ImagingFrequency": 123.252,
    "Manufacturer": "Siemens",
    "ManufacturersModelName": "Skyra",
    "InstitutionName": "Monash Biomedical Imaging",
    "InstitutionalDepartmentName": "Department",
    "InstitutionAddress": "Blackburn Road 770,Clayton,Victoria,AU,3800",
    "DeviceSerialNumber": "45193",
    "StationName": "AWP45193",
    "BodyPartExamined": "BRAIN",
    "PatientPosition": "HFS",
    "ProcedureStepDescription": "MR Scan",
    "SoftwareVersions": "syngo MR E11",
    "MRAcquisitionType": "2D",
    "SeriesDescription": "Rest_L-R_SMS_ep2d_dti_2.5mm_iso_mrtrix_71_dx",
    "ProtocolName": "Rest_L-R_SMS_ep2d_dti_2.5mm_iso_mrtrix_71_dx",
    "ScanningSequence": "EP",
    "SequenceVariant": "SK\\SP",
    "ScanOptions": "FS",
    "SequenceName": "*ep_b0",
    "ImageType": [
        "ORIGINAL",
        "PRIMARY",
        "DIFFUSION",
        "NONE",
        "ND",
        "NORM"
    ],
    "SeriesNumber": 9,
    "AcquisitionTime": "11:03:36.925000",
    "AcquisitionNumber": 1,
    "SliceThickness": 2.5,
    "SpacingBetweenSlices": 2.5,
    "SAR": 0.171398,
    "EchoTime": 0.171,
    "RepetitionTime": 5.9,
    "FlipAngle": 90,
    "PartialFourier": 1,
    "BaseResolution": 86,
    "ShimSetting": [
        -4104,
        15356,
        -15113,
        387,
        300,
        55,
        108,
        187
    ],
    "DiffusionScheme": "Monopolar",
    "TxRefAmp": 356.235,
    "PhaseResolution": 1,
    "ReceiveCoilName": "Head_32",
    "ReceiveCoilActiveElements": "HEA;HEP",
    "PulseSequenceDetails": "%SiemensSeq%\\ep2d_diff",
    "RefLinesPE": 40,
    "ConsistencyInfo": "N4_VE11C_LATEST_20160120",
    "MultibandAccelerationFactor": 2,
    "PercentPhaseFOV": 100,
    "PercentSampling": 100,
    "EchoTrainLength": 43,
    "PhaseEncodingSteps": 86,
    "AcquisitionMatrixPE": 86,
    "ReconMatrixPE": 86,
    "BandwidthPerPixelPhaseEncode": 22.148,
    "ParallelReductionFactorInPlane": 2,
    "EffectiveEchoSpacing": 0.000525009,
    "DerivedVendorReportedEchoSpacing": 0.00105002,
    "TotalReadoutTime": 0.0446258,
    "PixelBandwidth": 1040,
    "DwellTime": 5.6e-06,
    "PhaseEncodingDirection": "i-",
    "SliceTiming": [
        4.40625,
        0,
        2.9375,
        0.21094,
        3.14844,
        0.42188,
        3.35938,
        0.63281,
        3.57031,
        0.83594,
        3.78125,
        1.04688,
        3.99219,
        1.25781,
        4.20312,
        1.67969,
        4.61719,
        1.89062,
        4.82812,
        2.10156,
        5.03906,
        2.3125,
        5.25,
        2.51562,
        5.46094,
        2.72656,
        5.67188,
        1.46875,
        4.40625,
        0,
        2.9375,
        0.21094,
        3.14844,
        0.42188,
        3.35938,
        0.63281,
        3.57031,
        0.83594,
        3.78125,
        1.04688,
        3.99219,
        1.25781,
        4.20312,
        1.67969,
        4.61719,
        1.89062,
        4.82812,
        2.10156,
        5.03906,
        2.3125,
        5.25,
        2.51562,
        5.46094,
        2.72656,
        5.67188,
        1.46875
    ],
    "ImageOrientationPatientDICOM": [
        0.999797,
        -0.00193907,
        -0.0200794,
        1.656e-12,
        0.995369,
        -0.0961227
    ],
    "InPlanePhaseEncodingDirectionDICOM": "ROW",
    "ConversionSoftware": "dcm2niix",
    "ConversionSoftwareVersion": "v1.0.20210317",
    "IntendedFor": [
        "ses-01/dwi/sub-PC002_ses-01_acq-RL_run-1_dwi.nii.gz",
        "ses-01/fmap/sub-PC002_ses-01_acq-LRdwi_dir-ROW_run-1_epi.nii.gz"
    ]
}